GEM
  remote: https://rubygems.org/
  specs:
    backports (3.15.0)
    bson (4.5.0)
    mongo (2.8.0)
      bson (>= 4.4.2, < 5.0.0)
    multi_json (1.13.1)
    mustermann (1.0.3)
    rack (2.2.3)
    rack-protection (2.0.5)
      rack
    rouge (3.3.0)
    sinatra (2.0.5)
      mustermann (~> 1.0)
      rack (~> 2.0)
      rack-protection (= 2.0.5)
      tilt (~> 2.0)
    sinatra-contrib (2.0.5)
      backports (>= 2.8.2)
      multi_json
      mustermann (~> 1.0)
      rack-protection (= 2.0.5)
      sinatra (= 2.0.5)
      tilt (>= 1.3, < 3)
    tilt (2.0.9)

PLATFORMS
  ruby

DEPENDENCIES
  mongo
  rouge
  sinatra
  sinatra-contrib

BUNDLED WITH
   2.0.1
